GEM
  remote: https://rubygems.org/
  specs:
    rack (2.2.8.1)

PLATFORMS
  ruby

DEPENDENCIES
  rack (= 2.2.8.1)

BUNDLED WITH
   1.17.2
