GEM
  remote: https://rubygems.org/
  specs:
    rack (2.2.0)

PLATFORMS
  ruby

DEPENDENCIES
  rack (= 2.2.0)

BUNDLED WITH
   1.17.2
